PATH
  remote: .
  specs:
    candelabra (1.0.1)

GEM
  remote: http://rubygems.org/
  specs:
    minitest (2.0.2)

PLATFORMS
  ruby

DEPENDENCIES
  bundler (~> 1.0.0)
  candelabra!
  minitest (>= 2.0.2)
