PATH
  remote: .
  specs:
    candelabra (1.1.3)
      dnssd (~> 1.4)

GEM
  remote: http://rubygems.org/
  specs:
    dnssd (1.4)
    minitest (2.0.2)

PLATFORMS
  ruby

DEPENDENCIES
  bundler (~> 1.0.0)
  candelabra!
  minitest (>= 2.0.2)
